GEM
  remote: https://rubygems.org/
  specs:
    iron_core (1.0.5)
      rest (>= 2.6.4)
    iron_mq (5.0.1)
      iron_core (>= 0.5.1)
    net-http-persistent (2.9.4)
    netrc (0.10.1)
    rest (3.0.3)
      net-http-persistent (>= 2.9.1)
      netrc

PLATFORMS
  ruby

DEPENDENCIES
  iron_mq
